GEM
  specs:
    ansi (1.5.0)
    builder (3.2.4)
    minitest (5.13.0)
    minitest-reporters (1.6.0)
      ansi
      builder
      minitest (>= 5.0)
      ruby-progressbar
    rake (13.0.6)
    ruby-progressbar (1.13.0)

PLATFORMS
  ruby

DEPENDENCIES
  minitest (~> 5.13.0)
  minitest-reporters (~> 1.6.0)
  rake (~> 13.0.6)

RUBY VERSION
   ruby 2.7.5p203

BUNDLED WITH
   2.1.4
